GEM
  specs:
    ruby_parser (3.1.1)
      sexp_processor (~> 4.1)
    sexp_processor (4.1.5)

PLATFORMS
  ruby

DEPENDENCIES
  ruby_parser
